GEM
  remote: http://rubygems.org/
  specs:
    chunky_png (1.2.5)
    compass (0.12.1)
      chunky_png (~> 1.2)
      fssm (>= 0.2.7)
      sass (~> 3.1)
    cri (2.2.1)
    fssm (0.2.9)
    haml (3.1.6)
    mime-types (1.18)
    nanoc (3.3.6)
      cri (~> 2.2)
    nanoc3 (3.3.0)
      nanoc (>= 3.3.0)
    rack (1.4.1)
    sass (3.1.19)

PLATFORMS
  ruby

DEPENDENCIES
  chunky_png
  compass
  cri
  fssm
  haml
  mime-types
  nanoc3
  rack
  sass
